PATH
  remote: .
  specs:
    zeit (0.0.2)
      faraday
      faraday_middleware

GEM
  remote: https://rubygems.org/
  specs:
    coderay (1.0.8)
    diff-lcs (1.1.3)
    fakeweb (1.3.0)
    faraday (0.8.4)
      multipart-post (~> 1.1)
    faraday_middleware (0.9.0)
      faraday (>= 0.7.4, < 0.9)
    guard (1.5.4)
      listen (>= 0.4.2)
      lumberjack (>= 1.0.2)
      pry (>= 0.9.10)
      thor (>= 0.14.6)
    guard-rspec (2.1.2)
      guard (>= 1.1)
      rspec (~> 2.11)
    json (1.7.5)
    json (1.7.5-java)
    listen (0.6.0)
    lumberjack (1.0.2)
    method_source (0.8.1)
    multipart-post (1.1.5)
    pry (0.9.10)
      coderay (~> 1.0.5)
      method_source (~> 0.8)
      slop (~> 3.3.1)
    pry (0.9.10-java)
      coderay (~> 1.0.5)
      method_source (~> 0.8)
      slop (~> 3.3.1)
      spoon (~> 0.0)
    rake (10.0.2)
    rb-fsevent (0.9.2)
    rspec (2.12.0)
      rspec-core (~> 2.12.0)
      rspec-expectations (~> 2.12.0)
      rspec-mocks (~> 2.12.0)
    rspec-core (2.12.0)
    rspec-expectations (2.12.0)
      diff-lcs (~> 1.1.3)
    rspec-mocks (2.12.0)
    slop (3.3.3)
    spoon (0.0.1)
    thor (0.16.0)
    vcr (2.3.0)
    yard (0.8.3)

PLATFORMS
  java
  ruby

DEPENDENCIES
  bundler (~> 1.0)
  fakeweb (~> 1.3.0)
  guard-rspec (~> 2.1.2)
  json (~> 1.7.5)
  rake
  rb-fsevent
  rspec (~> 2.12.0)
  vcr (~> 2.3.0)
  yard
  zeit!
